GIT
  remote: https://github.com/darinwilson/PackingPeanut
  revision: 43862c3f706df777c7f0278e183fd99234b00639
  branch: moran_fix
  specs:
    PackingPeanut (0.0.3)
      moran

GEM
  remote: https://rubygems.org/
  specs:
    moran (0.0.1)
      motion-gradle
    motion-gradle (1.0.5)
    rake (10.4.2)

PLATFORMS
  ruby

DEPENDENCIES
  PackingPeanut!
  rake
